GEM
  remote: https://rubygems.org/
  specs:
    multi_json (1.15.0)
    pygments.rb (1.2.1)
      multi_json (>= 1.0.0)

PLATFORMS
  x86_64-linux

DEPENDENCIES
  pygments.rb (~> 1.2)

BUNDLED WITH
   2.2.4
